GEM
  remote: https://rubygems.org/
  specs:
    power_assert (0.2.3)
    test-unit (3.0.9)
      power_assert

PLATFORMS
  ruby

DEPENDENCIES
  test-unit
